GIT
  remote: http://github.com/brianmario/mysql2.git
  revision: 996438ebc72a34f0cf59fffe7fe0dc3a1c53d940
  specs:
    mysql2 (0.3.13)

GIT
  remote: http://github.com/distler/maruku.git
  revision: 23c4e183e9497861a6c0f9a0c0393997fcff539e
  branch: nokogiri
  specs:
    maruku (0.7.1.beta1)
      nokogiri (~> 1.5, >= 1.5.6)

GIT
  remote: http://github.com/distler/syntax.git
  revision: 00f4f0643be4b82cd3858792de6134027ee6e95d
  specs:
    syntax (1.1.0)

GIT
  remote: https://github.com/yzhang/auto_migrations_rails4.git
  revision: 6a68f9500d56ecce80b30aa148af711674ac80a4
  ref: 6a68f95
  specs:
    auto_migrations (1.1.0)

GEM
  remote: http://rubygems.org/
  specs:
    ZenTest (4.9.3)
    actionmailer (3.1.12)
      actionpack (= 3.1.12)
      mail (~> 2.4.4)
    actionpack (3.1.12)
      activemodel (= 3.1.12)
      activesupport (= 3.1.12)
      builder (~> 3.0.0)
      erubis (~> 2.7.0)
      i18n (~> 0.6)
      rack-cache (~> 1.2)
      rack-mount (~> 0.8.2)
      rack-test (~> 0.6.1)
      sprockets (~> 2.0.4)
    activemodel (3.1.12)
      activesupport (= 3.1.12)
      builder (~> 3.0.0)
      i18n (~> 0.6)
    activerecord (3.1.12)
      activemodel (= 3.1.12)
      activesupport (= 3.1.12)
      arel (~> 2.2.3)
      tzinfo (~> 0.3.29)
    activeresource (3.1.12)
      activemodel (= 3.1.12)
      activesupport (= 3.1.12)
    activesupport (3.1.12)
      multi_json (~> 1.0)
    acts_as_list (0.3.0)
      activerecord (>= 3.0)
    acts_as_state_machine (2.2.0)
      activerecord (>= 2.1)
    arel (2.2.3)
    autotest (4.4.6)
      ZenTest (>= 4.4.1)
    builder (3.0.4)
    daemons (1.0.10)
    diff-lcs (1.2.4)
    erubis (2.7.0)
    execjs (2.0.1)
    gem_plugin (0.2.3)
    highline (1.6.19)
    hike (1.2.3)
    i18n (0.6.5)
    itextomml (1.4.11)
    json (1.8.0)
    mail (2.4.4)
      i18n (>= 0.4.0)
      mime-types (~> 1.16)
      treetop (~> 1.4.8)
    mime-types (1.25)
    mini_portile (0.5.1)
    mongrel (1.2.0.pre2)
      daemons (~> 1.0.10)
      gem_plugin (~> 0.2.3)
    multi_json (1.8.0)
    nokogiri (1.6.0)
      mini_portile (~> 0.5.0)
    open_id_authentication (1.1.0)
      rack-openid (~> 1.3)
    permalink_fu (1.0.0)
    polyglot (0.3.3)
    prototype-rails (3.1.0)
      rails (~> 3.1)
    rack (1.5.2)
    rack-cache (1.2)
      rack (>= 0.4)
    rack-mount (0.8.3)
      rack (>= 1.0.0)
    rack-openid (1.3.1)
      rack (>= 1.1.0)
      ruby-openid (>= 2.1.8)
    rack-ssl (1.3.3)
      rack (>= 1.3.0)
    rack-test (0.6.2)
      rack (>= 1.0)
    rails (3.1.12)
      actionmailer (= 3.1.12)
      actionpack (= 3.1.12)
      activerecord (= 3.1.12)
      activeresource (= 3.1.12)
      activesupport (= 3.1.12)
      bundler (~> 1.0)
      railties (= 3.1.12)
    rails3-generators (1.0.0)
      railties (>= 3.0.0)
    railties (3.1.12)
      actionpack (= 3.1.12)
      activesupport (= 3.1.12)
      rack-ssl (~> 1.3.2)
      rake (>= 0.8.7)
      rdoc (~> 3.4)
      thor (~> 0.14.6)
    rake (10.1.0)
    rdoc (3.12.2)
      json (~> 1.4)
    rspec-core (2.14.5)
    rspec-expectations (2.14.2)
      diff-lcs (>= 1.1.3, < 2.0)
    rspec-mocks (2.14.3)
    rspec-rails (2.14.0)
      actionpack (>= 3.0)
      activesupport (>= 3.0)
      railties (>= 3.0)
      rspec-core (~> 2.14.0)
      rspec-expectations (~> 2.14.0)
      rspec-mocks (~> 2.14.0)
    ruby-openid (2.2.3)
    sass (3.2.10)
    sass-rails (3.1.4)
      actionpack (~> 3.1.0)
      railties (~> 3.1.0)
      sass (>= 3.1.4)
      sprockets (~> 2.0.0)
      tilt (~> 1.3.2)
    sprockets (2.0.4)
      hike (~> 1.2)
      rack (>= 1.3)
      tilt (~> 1.1, != 1.3.0)
    sqlite3 (1.3.8)
    sqlite3-ruby (1.3.3)
      sqlite3 (>= 1.3.3)
    thor (0.14.6)
    tilt (1.3.7)
    treetop (1.4.15)
      polyglot
      polyglot (>= 0.3.1)
    tzinfo (0.3.37)
    uglifier (2.2.1)
      execjs (>= 0.3.0)
      multi_json (~> 1.0, >= 1.0.2)
    will_paginate (3.0.4)

PLATFORMS
  ruby

DEPENDENCIES
  acts_as_list
  acts_as_state_machine
  auto_migrations!
  autotest
  highline
  itextomml (>= 1.4.10)
  maruku!
  mongrel (>= 1.2.0.pre2)
  mysql2!
  nokogiri
  open_id_authentication
  permalink_fu
  prototype-rails (~> 3.1.0)
  rack (~> 1.5.0)
  rack-openid
  rails (= 3.1.12)
  rails3-generators
  rake
  rspec-rails
  ruby-openid (>= 2.0.4)
  sass-rails (= 3.1.4)
  sqlite3-ruby
  syntax!
  uglifier
  will_paginate (~> 3.0)
