GIT
  remote: http://github.com/brianmario/mysql2.git
  revision: 50b230af0d4b1b8cef1db710d9fcca9593a19d16
  specs:
    mysql2 (0.3.12b5)

GIT
  remote: http://github.com/distler/maruku.git
  revision: 14b62e625440318ec32979b22ad3127d8bf70dc5
  branch: nokogiri
  specs:
    maruku (0.7.0.beta1)
      itextomml (~> 1.4.10)
      nokogiri (~> 1.5, >= 1.5.6)
      syntax (>= 1.0.0)

GEM
  remote: http://rubygems.org/
  specs:
    ZenTest (4.9.0)
    actionmailer (3.1.11)
      actionpack (= 3.1.11)
      mail (~> 2.3.3)
    actionpack (3.1.11)
      activemodel (= 3.1.11)
      activesupport (= 3.1.11)
      builder (~> 3.0.0)
      erubis (~> 2.7.0)
      i18n (~> 0.6)
      rack (~> 1.3.6)
      rack-cache (~> 1.2)
      rack-mount (~> 0.8.2)
      rack-test (~> 0.6.1)
      sprockets (~> 2.0.4)
    activemodel (3.1.11)
      activesupport (= 3.1.11)
      builder (~> 3.0.0)
      i18n (~> 0.6)
    activerecord (3.1.11)
      activemodel (= 3.1.11)
      activesupport (= 3.1.11)
      arel (~> 2.2.3)
      tzinfo (~> 0.3.29)
    activeresource (3.1.11)
      activemodel (= 3.1.11)
      activesupport (= 3.1.11)
    activesupport (3.1.11)
      multi_json (~> 1.0)
    acts_as_list (0.1.9)
    acts_as_state_machine (2.2.0)
      activerecord (>= 2.1)
    arel (2.2.3)
    autotest (4.4.6)
      ZenTest (>= 4.4.1)
    builder (3.0.4)
    daemons (1.0.10)
    diff-lcs (1.1.3)
    erubis (2.7.0)
    execjs (1.4.0)
      multi_json (~> 1.0)
    gem_plugin (0.2.3)
    highline (1.6.15)
    hike (1.2.1)
    i18n (0.6.1)
    itextomml (1.4.10)
    json (1.7.7)
    mail (2.3.3)
      i18n (>= 0.4.0)
      mime-types (~> 1.16)
      treetop (~> 1.4.8)
    mime-types (1.21)
    mongrel (1.2.0.pre2)
      daemons (~> 1.0.10)
      gem_plugin (~> 0.2.3)
    multi_json (1.5.1)
    nokogiri (1.5.6)
    permalink_fu (1.0.0)
    polyglot (0.3.3)
    prototype-rails (3.1.0)
      rails (~> 3.1)
    rack (1.3.10)
    rack-cache (1.2)
      rack (>= 0.4)
    rack-mount (0.8.3)
      rack (>= 1.0.0)
    rack-openid (1.3.1)
      rack (>= 1.1.0)
      ruby-openid (>= 2.1.8)
    rack-ssl (1.3.3)
      rack
    rack-test (0.6.2)
      rack (>= 1.0)
    rails (3.1.11)
      actionmailer (= 3.1.11)
      actionpack (= 3.1.11)
      activerecord (= 3.1.11)
      activeresource (= 3.1.11)
      activesupport (= 3.1.11)
      bundler (~> 1.0)
      railties (= 3.1.11)
    rails3-generators (1.0.0)
      railties (>= 3.0.0)
    railties (3.1.11)
      actionpack (= 3.1.11)
      activesupport (= 3.1.11)
      rack-ssl (~> 1.3.2)
      rake (>= 0.8.7)
      rdoc (~> 3.4)
      thor (~> 0.14.6)
    rake (10.0.3)
    rdoc (3.12.1)
      json (~> 1.4)
    rspec-core (2.12.2)
    rspec-expectations (2.12.1)
      diff-lcs (~> 1.1.3)
    rspec-mocks (2.12.2)
    rspec-rails (2.12.2)
      actionpack (>= 3.0)
      activesupport (>= 3.0)
      railties (>= 3.0)
      rspec-core (~> 2.12.0)
      rspec-expectations (~> 2.12.0)
      rspec-mocks (~> 2.12.0)
    ruby-openid (2.2.2)
    sass (3.2.5)
    sass-rails (3.1.4)
      actionpack (~> 3.1.0)
      railties (~> 3.1.0)
      sass (>= 3.1.4)
      sprockets (~> 2.0.0)
      tilt (~> 1.3.2)
    sprockets (2.0.4)
      hike (~> 1.2)
      rack (~> 1.0)
      tilt (~> 1.1, != 1.3.0)
    sqlite3 (1.3.7)
    sqlite3-ruby (1.3.3)
      sqlite3 (>= 1.3.3)
    syntax (1.0.0)
    thor (0.14.6)
    tilt (1.3.3)
    treetop (1.4.12)
      polyglot
      polyglot (>= 0.3.1)
    tzinfo (0.3.35)
    uglifier (1.3.0)
      execjs (>= 0.3.0)
      multi_json (~> 1.0, >= 1.0.2)
    will_paginate (3.0.4)

PLATFORMS
  ruby

DEPENDENCIES
  acts_as_list
  acts_as_state_machine
  autotest
  highline
  itextomml (>= 1.4.10)
  maruku!
  mongrel (>= 1.2.0.pre2)
  mysql2!
  nokogiri
  permalink_fu
  prototype-rails (~> 3.1.0)
  rack-openid
  rails (= 3.1.11)
  rails3-generators
  rake
  rspec-rails
  ruby-openid (>= 2.0.4)
  sass-rails (= 3.1.4)
  sqlite3-ruby
  uglifier
  will_paginate (~> 3.0)
